GEM
  remote: http://rubygems.org/
  specs:
    haml (3.1.5)
    json (1.7.3)
    mysql2 (0.3.11)
    rack (1.3.0)
    rack-protection (1.2.0)
      rack
    sequel (3.35.0)
    sinatra (1.3.0)
      rack (~> 1.3)
      rack-protection (~> 1.1)
      tilt (~> 1.3)
    tilt (1.3.3)

PLATFORMS
  ruby

DEPENDENCIES
  haml
  json
  mysql2
  rack (= 1.3)
  sequel
  sinatra (= 1.3)
