GEM
  remote: http://rubygems.org/
  specs:
    haml (3.1.5)
    json (1.7.3)
    mysql (2.8.1)
    rack (1.1.0)
    sinatra (1.2.8)
      rack (~> 1.1)
      tilt (>= 1.2.2, < 2.0)
    tilt (1.3.3)

PLATFORMS
  ruby

DEPENDENCIES
  haml
  json
  mysql
  rack (= 1.1)
  sinatra
