GEM
  remote: http://rubygems.org/
  specs:
    haml (3.1.5)
    json (1.7.3)
    rack (1.3.0)
    rack-protection (1.2.0)
      rack
    ruby-mysql (2.9.7)
    sinatra (1.3.0)
      rack (~> 1.3)
      rack-protection (~> 1.1)
      tilt (~> 1.3)
    tilt (1.3.3)

PLATFORMS
  ruby

DEPENDENCIES
  haml
  json
  rack (= 1.3)
  ruby-mysql (~> 2.9)
  sinatra (= 1.3)
